PATH
  remote: .
  specs:
    sexpr (0.6.0)

GEM
  remote: http://rubygems.org/
  specs:
    citrus (3.0.2)
    diff-lcs (1.4.4)
    path (1.3.3)
    rake (13.0.6)
    rspec (3.10.0)
      rspec-core (~> 3.10.0)
      rspec-expectations (~> 3.10.0)
      rspec-mocks (~> 3.10.0)
    rspec-core (3.10.1)
      rspec-support (~> 3.10.0)
    rspec-expectations (3.10.1)
      diff-lcs (>= 1.2.0, < 2.0)
      rspec-support (~> 3.10.0)
    rspec-mocks (3.10.2)
      diff-lcs (>= 1.2.0, < 2.0)
      rspec-support (~> 3.10.0)
    rspec-support (3.10.3)

PLATFORMS
  x86_64-darwin-18

DEPENDENCIES
  citrus (~> 3.0)
  path (~> 1.3)
  rake (~> 13.0)
  rspec (~> 3.10)
  sexpr!

BUNDLED WITH
   2.2.2
